PATH
  remote: .
  specs:
    rav-meser-api (1.0.5)
      oauth (= 0.5.4)

GEM
  remote: https://rubygems.org/
  specs:
    oauth (0.5.4)

PLATFORMS
  x86-mingw32

DEPENDENCIES
  oauth (~> 0.5.4)
  rav-meser-api!

BUNDLED WITH
   2.0.1
